GEM
  remote: https://rubygems.org/
  specs:
    ddtrace (1.8.0)
      debase-ruby_core_source (>= 0.10.16, <= 0.10.18)
      libdatadog (~> 0.9.0.1.0)
      libddwaf (~> 1.5.1.0.0)
      msgpack
    debase-ruby_core_source (0.10.18)
    dogstatsd-ruby (4.5.0)
    ffi (1.15.5)
    libdatadog (0.9.0.1.0)
    libddwaf (1.5.1.0.0)
      ffi (~> 1.0)
    msgpack (1.3.3)
    mustermann (1.1.1)
      ruby2_keywords (~> 0.0.1)
    rack (2.2.6.2)
    rack-protection (2.0.8.1)
      rack
    ruby2_keywords (0.0.2)
    sinatra (2.0.8.1)
      mustermann (~> 1.0)
      rack (~> 2.0)
      rack-protection (= 2.0.8.1)
      tilt (~> 2.0)
    tilt (2.0.10)

PLATFORMS
  ruby

DEPENDENCIES
  ddtrace
  dogstatsd-ruby
  sinatra

RUBY VERSION
   ruby 2.3.7p456

BUNDLED WITH
   2.1.4
